GEM
  remote: https://rubygems.org/
  specs:
    concurrent-ruby (1.3.4)

PLATFORMS
  arm64-darwin-22

DEPENDENCIES
  concurrent-ruby

BUNDLED WITH
   2.4.22
